NUGET
  remote: https://nuget.org/api/v2
  specs:
    FsCheck (1.0.4)
    FsCheck.Xunit (1.0.4)
      FsCheck (>= 1.0.4)
      xunit (>= 1.9.2)
    FSharpx.Collections (1.9.6)
    xunit (1.9.2)
