NUGET
  remote: https://nuget.org/api/v2
  specs:
    elmah (1.2.2)
      elmah.corelibrary (>= 1.2.2)
    Elmah.AzureTableStorage (0.5.2.0)
      WindowsAzure.Storage (>= 2.1.0.0)
      elmah (>= 1.2.2)
    elmah.corelibrary (1.2.2)
    Microsoft.Data.Edm (5.6.3)
    Microsoft.Data.OData (5.6.3)
      Microsoft.Data.Edm (5.6.3)
      System.Spatial (5.6.3)
    Microsoft.Data.Services.Client (5.6.3)
      Microsoft.Data.OData (5.6.3)
    Microsoft.WindowsAzure.ConfigurationManager (2.0.3)
    Newtonsoft.Json (6.0.6)
    System.Spatial (5.6.3)
    WindowsAzure.Storage (4.3.0)
      Microsoft.Data.OData (>= 5.6.2)
      Microsoft.Data.Services.Client (>= 5.6.2)
      Microsoft.WindowsAzure.ConfigurationManager (>= 1.8.0.0)
      Newtonsoft.Json (>= 5.0.8)
