NUGET
  remote: https://nuget.org/api/v2
  specs:
    Fleece (0.4.0)
      FSharpPlus (>= 0.0.4)
      ReadOnlyCollectionExtensions (>= 1.2.0)
      ReadOnlyCollectionInterfaces (1.0.0)
      System.Json (>= 4.0.20126.16343)
    FsControl (1.0.9)
    FSharpPlus (0.0.4)
      FsControl (>= 1.0.9)
    LinqBridge (1.3.0)
    ReadOnlyCollectionExtensions (1.2.0)
      LinqBridge (>= 1.3.0)
      ReadOnlyCollectionInterfaces (1.0.0)
    ReadOnlyCollectionInterfaces (1.0.0)
    System.Json (4.0.20126.16343)
